GEM
  remote: https://rubygems.org/
  specs:
    awesome_print (1.7.0)
    sequel (4.42.1)
    sqlite3 (1.3.13)
    thor (0.19.4)

PLATFORMS
  ruby

DEPENDENCIES
  awesome_print
  sequel
  sqlite3
  thor

BUNDLED WITH
   1.12.5
