GEM
  remote: https://rubygems.org/
  specs:
    awesome_print (1.7.0)
    aws-sdk-core (2.7.11)
      aws-sigv4 (~> 1.0)
      jmespath (~> 1.0)
    aws-sigv4 (1.0.0)
    jmespath (1.3.1)
    rmagick (2.16.0)
    sequel (4.42.1)
    sqlite3 (1.3.13)
    thor (0.19.4)

PLATFORMS
  ruby

DEPENDENCIES
  awesome_print
  aws-sdk-core
  rmagick
  sequel
  sqlite3
  thor

BUNDLED WITH
   1.12.5
