GEM
  remote: https://rubygems.org/
  specs:
    awesome_print (1.7.0)
    aws-sdk (2.9.1)
      aws-sdk-resources (= 2.9.1)
    aws-sdk-core (2.9.1)
      aws-sigv4 (~> 1.0)
      jmespath (~> 1.0)
    aws-sdk-resources (2.9.1)
      aws-sdk-core (= 2.9.1)
    aws-sigv4 (1.0.0)
    cloudformation-ruby-dsl (1.4.6)
      aws-sdk (>= 2.5.1)
      bundler
      detabulator
      diffy
      highline
      json
      rake
    detabulator (0.1.0)
    diffy (3.2.0)
    highline (1.7.8)
    jmespath (1.3.1)
    json (2.0.3)
    rake (12.0.0)

PLATFORMS
  ruby

DEPENDENCIES
  awesome_print (~> 1.7)
  aws-sdk (~> 2.9)
  cloudformation-ruby-dsl (~> 1.4)

BUNDLED WITH
   1.12.5
